GEM
  remote: https://rubygems.org/
  specs:
    activesupport (5.0.0.1)
      concurrent-ruby (~> 1.0, >= 1.0.2)
      i18n (~> 0.7)
      minitest (~> 5.1)
      tzinfo (~> 1.1)
    akami (1.3.1)
      gyoku (>= 0.4.0)
      nokogiri
    bing_translator (4.5.0)
      json (~> 1.8.0)
      nokogiri (~> 1.6.0)
      savon (~> 2.0)
    blankslate (3.1.3)
    builder (3.2.2)
    chronic_duration (0.10.6)
      numerizer (~> 0.1.1)
    concurrent-ruby (1.0.2)
    diff-lcs (1.2.5)
    games_dice (0.3.11)
      parslet (>= 1.5.0)
    gyoku (1.3.1)
      builder (>= 2.1.2)
    httparty (0.14.0)
      multi_xml (>= 0.5.2)
    httpi (2.4.2)
      rack
      socksify
    i18n (0.7.0)
    json (1.8.3)
    line-bot-api (1.0.0)
    mini_portile2 (2.1.0)
    minitest (5.9.1)
    multi_xml (0.5.5)
    nokogiri (1.6.8.1)
      mini_portile2 (~> 2.1.0)
    nori (2.6.0)
    numerizer (0.1.1)
    opendmm (1.0.3)
      activesupport
      chronic_duration
      httparty
      nokogiri
    parslet (1.7.1)
      blankslate (>= 2.0, <= 4.0)
    rack (1.6.4)
    rack-protection (1.5.3)
      rack
    rake (10.4.2)
    rspec (3.5.0)
      rspec-core (~> 3.5.0)
      rspec-expectations (~> 3.5.0)
      rspec-mocks (~> 3.5.0)
    rspec-core (3.5.4)
      rspec-support (~> 3.5.0)
    rspec-expectations (3.5.0)
      diff-lcs (>= 1.2.0, < 2.0)
      rspec-support (~> 3.5.0)
    rspec-mocks (3.5.0)
      diff-lcs (>= 1.2.0, < 2.0)
      rspec-support (~> 3.5.0)
    rspec-support (3.5.0)
    savon (2.11.1)
      akami (~> 1.2)
      builder (>= 2.1.2)
      gyoku (~> 1.2)
      httpi (~> 2.3)
      nokogiri (>= 1.4.0)
      nori (~> 2.4)
      wasabi (~> 3.4)
    semantic_logger (3.3.0)
      concurrent-ruby (~> 1.0)
    sinatra (1.4.7)
      rack (~> 1.5)
      rack-protection (~> 1.4)
      tilt (>= 1.3, < 3)
    sinatra-logger (0.3.1)
      semantic_logger
      sinatra
    socksify (1.7.0)
    thread_safe (0.3.5)
    tilt (2.0.5)
    tzinfo (1.2.2)
      thread_safe (~> 0.1)
    wasabi (3.5.0)
      httpi (~> 2.0)
      nokogiri (>= 1.4.2)

PLATFORMS
  ruby

DEPENDENCIES
  bing_translator (~> 4.5.0)
  games_dice
  line-bot-api
  opendmm
  rake
  rspec
  sinatra
  sinatra-logger

BUNDLED WITH
   1.13.6
