GEM
  remote: https://rubygems.org/
  specs:
    activesupport (5.0.0.1)
      concurrent-ruby (~> 1.0, >= 1.0.2)
      i18n (~> 0.7)
      minitest (~> 5.1)
      tzinfo (~> 1.1)
    blankslate (3.1.3)
    chronic_duration (0.10.6)
      numerizer (~> 0.1.1)
    concurrent-ruby (1.0.2)
    games_dice (0.3.11)
      parslet (>= 1.5.0)
    httparty (0.14.0)
      multi_xml (>= 0.5.2)
    i18n (0.7.0)
    line-bot-api (1.0.0)
    mini_portile2 (2.1.0)
    minitest (5.9.1)
    multi_xml (0.5.5)
    nokogiri (1.6.8.1)
      mini_portile2 (~> 2.1.0)
    numerizer (0.1.1)
    opendmm (1.0.3)
      activesupport
      chronic_duration
      httparty
      nokogiri
    parslet (1.7.1)
      blankslate (>= 2.0, <= 4.0)
    rack (1.6.4)
    rack-protection (1.5.3)
      rack
    semantic_logger (3.3.0)
      concurrent-ruby (~> 1.0)
    sinatra (1.4.7)
      rack (~> 1.5)
      rack-protection (~> 1.4)
      tilt (>= 1.3, < 3)
    sinatra-logger (0.3.1)
      semantic_logger
      sinatra
    thread_safe (0.3.5)
    tilt (2.0.5)
    tzinfo (1.2.2)
      thread_safe (~> 0.1)

PLATFORMS
  ruby

DEPENDENCIES
  games_dice
  line-bot-api
  opendmm
  sinatra
  sinatra-logger

BUNDLED WITH
   1.13.6
